GEM
  remote: https://rubygems.org/
  specs:
    asciidoctor (2.0.20)

PLATFORMS
  ruby

DEPENDENCIES
  asciidoctor (~> 2.0)

BUNDLED WITH
   1.17.2
